PATH
  remote: .
  specs:
    degica_datadog (0.1.0)
      datadog (~> 2.0)
      datadog-ci (~> 1.0)
      dogstatsd-ruby (~> 5)

GEM
  remote: https://rubygems.org/
  specs:
    ast (2.4.3)
    datadog (2.17.0)
      datadog-ruby_core_source (~> 3.4, >= 3.4.1)
      libdatadog (~> 18.1.0.1.0)
      libddwaf (~> 1.22.0.0.2)
      logger
      msgpack
    datadog-ci (1.19.0)
      datadog (~> 2.4)
      drb
      msgpack
    datadog-ruby_core_source (3.4.1)
    diff-lcs (1.6.2)
    docile (1.4.1)
    dogstatsd-ruby (5.6.6)
    drb (2.2.3)
    ffi (1.17.2)
    json (2.12.2)
    language_server-protocol (3.17.0.5)
    libdatadog (18.1.0.1.0)
    libddwaf (1.22.0.0.2)
      ffi (~> 1.0)
    lint_roller (1.1.0)
    logger (1.7.0)
    msgpack (1.8.0)
    parallel (1.27.0)
    parser (3.3.8.0)
      ast (~> 2.4.1)
      racc
    prism (1.4.0)
    racc (1.8.1)
    rainbow (3.1.1)
    regexp_parser (2.10.0)
    rexml (3.4.0)
    rspec (3.13.1)
      rspec-core (~> 3.13.0)
      rspec-expectations (~> 3.13.0)
      rspec-mocks (~> 3.13.0)
    rspec-core (3.13.4)
      rspec-support (~> 3.13.0)
    rspec-expectations (3.13.5)
      diff-lcs (>= 1.2.0, < 2.0)
      rspec-support (~> 3.13.0)
    rspec-mocks (3.13.5)
      diff-lcs (>= 1.2.0, < 2.0)
      rspec-support (~> 3.13.0)
    rspec-support (3.13.4)
    rubocop (1.77.0)
      json (~> 2.3)
      language_server-protocol (~> 3.17.0.2)
      lint_roller (~> 1.1.0)
      parallel (~> 1.10)
      parser (>= 3.3.0.2)
      rainbow (>= 2.2.2, < 4.0)
      regexp_parser (>= 2.9.3, < 3.0)
      rubocop-ast (>= 1.45.1, < 2.0)
      ruby-progressbar (~> 1.7)
      unicode-display_width (>= 2.4.0, < 4.0)
    rubocop-ast (1.45.1)
      parser (>= 3.3.7.2)
      prism (~> 1.4)
    ruby-progressbar (1.13.0)
    simplecov (0.22.0)
      docile (~> 1.1)
      simplecov-html (~> 0.11)
      simplecov_json_formatter (~> 0.1)
    simplecov-cobertura (2.1.0)
      rexml
      simplecov (~> 0.19)
    simplecov-html (0.12.3)
    simplecov_json_formatter (0.1.4)
    unicode-display_width (3.1.4)
      unicode-emoji (~> 4.0, >= 4.0.4)
    unicode-emoji (4.0.4)

PLATFORMS
  ruby

DEPENDENCIES
  bundler (~> 2.0)
  degica_datadog!
  rspec (~> 3.0)
  rubocop
  simplecov
  simplecov-cobertura

BUNDLED WITH
   2.5.17
